GEM
  remote: https://rubygems.org/
  specs:
    addressable (2.2.8)
    backports (3.6.0)
    guillotine (1.4.0)
      addressable (~> 2.2.6)
      sinatra (~> 1.2.6)
    puma (2.9.1)
      rack (>= 1.1, < 2.0)
    rack (1.4.5)
    redis (3.1.0)
    sinatra (1.2.9)
      backports
      rack (~> 1.1, < 1.5)
      tilt (>= 1.2.2, < 2.0)
    tilt (1.4.1)

PLATFORMS
  ruby

DEPENDENCIES
  guillotine
  puma
  redis
